GEM
  remote: https://rubygems.org/
  specs:
    activesupport (7.0.4.3)
      concurrent-ruby (~> 1.0, >= 1.0.2)
      i18n (>= 1.6, < 2)
      minitest (>= 5.1)
      tzinfo (~> 2.0)
    coderay (1.1.2)
    concurrent-ruby (1.2.2)
    ffi (1.11.1)
    ffi (1.11.1-java)
    i18n (1.12.0)
      concurrent-ruby (~> 1.0)
    method_source (0.9.2)
    minitest (5.18.0)
    neo4j-ruby-driver (0.1.4)
      activesupport
      ffi
      recursive-open-struct
      zeitwerk (>= 2.1.10)
    pry (0.12.2)
      coderay (~> 1.1.0)
      method_source (~> 0.9.0)
    pry (0.12.2-java)
      coderay (~> 1.1.0)
      method_source (~> 0.9.0)
      spoon (~> 0.0)
    recursive-open-struct (1.1.0)
    spoon (0.0.6)
      ffi
    tzinfo (2.0.6)
      concurrent-ruby (~> 1.0)
    zeitwerk (2.6.7)

PLATFORMS
  java
  ruby

DEPENDENCIES
  neo4j-ruby-driver
  pry

BUNDLED WITH
   2.0.2
